GEM
  remote: http://rubygems.org/
  specs:
    activemodel (5.2.8.1)
      activesupport (= 5.2.8.1)
    activerecord (5.2.8.1)
      activemodel (= 5.2.8.1)
      activesupport (= 5.2.8.1)
      arel (>= 9.0)
    activesupport (5.2.8.1)
      concurrent-ruby (~> 1.0, >= 1.0.2)
      i18n (>= 0.7, < 2)
      minitest (~> 5.1)
      tzinfo (~> 1.1)
    arel (9.0.0)
    concurrent-ruby (1.1.10)
    ffi (1.9.24)
    i18n (1.11.0)
      concurrent-ruby (~> 1.0)
    kgio (2.7.4)
    minitest (5.16.2)
    pg (0.14.0)
    rack (1.6.12)
    rack-protection (1.5.5)
      rack
    raindrops (0.10.0)
    sinatra (1.3.2)
      rack (~> 1.3, >= 1.3.6)
      rack-protection (~> 1.2)
      tilt (~> 1.3, >= 1.3.3)
    thread_safe (0.3.6)
    tilt (1.3.3)
    tzinfo (1.2.9)
      thread_safe (~> 0.1)
    unicorn (4.3.1)
      kgio (~> 2.6)
      rack
      raindrops (~> 0.7)

PLATFORMS
  ruby

DEPENDENCIES
  activerecord
  ffi
  pg
  sinatra
  unicorn
